GEM
  remote: https://rubygems.org/
  specs:
    activesupport (7.0.3)
      concurrent-ruby (~> 1.0, >= 1.0.2)
      i18n (>= 1.6, < 2)
      minitest (>= 5.1)
      tzinfo (~> 2.0)
    ast (2.4.2)
    byebug (11.1.3)
    code_analyzer (0.5.5)
      sexp_processor
    coderay (1.1.3)
    concurrent-ruby (1.1.10)
    diff-lcs (1.5.0)
    erubis (2.7.0)
    ffi (1.15.5)
    ffi (1.15.5-x64-mingw-ucrt)
    grammar (0.8.1)
    i18n (1.10.0)
      concurrent-ruby (~> 1.0)
    json (2.6.2)
    language_server-protocol (3.16.0.3)
    lefthook (1.0.4)
    listen (3.7.1)
      rb-fsevent (~> 0.10, >= 0.10.3)
      rb-inotify (~> 0.9, >= 0.9.10)
    method_source (1.0.0)
    minitest (5.16.2)
    parallel (1.22.1)
    parser (3.1.2.0)
      ast (~> 2.4.1)
    pry (0.13.1)
      coderay (~> 1.1)
      method_source (~> 1.0)
    pry-byebug (3.9.0)
      byebug (~> 11.0)
      pry (~> 0.13.0)
    rails_best_practices (1.23.1)
      activesupport
      code_analyzer (~> 0.5.5)
      erubis
      i18n
      json
      require_all (~> 3.0)
      ruby-progressbar
    rainbow (3.1.1)
    rb-fsevent (0.11.1)
    rb-inotify (0.10.1)
      ffi (~> 1.0)
    rbs (2.6.0)
    regexp_parser (2.5.0)
    require_all (3.0.0)
    rexml (3.2.5)
    rouge (3.29.0)
    rspec (3.11.0)
      rspec-core (~> 3.11.0)
      rspec-expectations (~> 3.11.0)
      rspec-mocks (~> 3.11.0)
    rspec-core (3.11.0)
      rspec-support (~> 3.11.0)
    rspec-expectations (3.11.0)
      diff-lcs (>= 1.2.0, < 2.0)
      rspec-support (~> 3.11.0)
    rspec-mocks (3.11.1)
      diff-lcs (>= 1.2.0, < 2.0)
      rspec-support (~> 3.11.0)
    rspec-support (3.11.0)
    rubocop (1.31.1)
      json (~> 2.3)
      parallel (~> 1.10)
      parser (>= 3.1.0.0)
      rainbow (>= 2.2.2, < 4.0)
      regexp_parser (>= 1.8, < 3.0)
      rexml (>= 3.2.5, < 4.0)
      rubocop-ast (>= 1.18.0, < 2.0)
      ruby-progressbar (~> 1.7)
      unicode-display_width (>= 1.4.0, < 3.0)
    rubocop-ast (1.18.0)
      parser (>= 3.1.1.0)
    ruby-progressbar (1.11.0)
    sexp_processor (4.16.1)
    sorbet (0.5.10139)
      sorbet-static (= 0.5.10139)
    sorbet-runtime (0.5.10139)
    sorbet-static (0.5.10139-x86_64-linux)
    sorbet-static-and-runtime (0.5.10139)
      sorbet (= 0.5.10139)
      sorbet-runtime (= 0.5.10139)
    steep (1.0.1)
      activesupport (>= 5.1)
      language_server-protocol (>= 3.15, < 4.0)
      listen (~> 3.0)
      parallel (>= 1.0.0)
      parser (>= 3.1)
      rainbow (>= 2.2.2, < 4.0)
      rbs (>= 2.3.2)
      terminal-table (>= 2, < 4)
    terminal-table (3.0.2)
      unicode-display_width (>= 1.1.1, < 3)
    typeprof (0.21.2)
      rbs (>= 1.8.1)
    tzinfo (2.0.4)
      concurrent-ruby (~> 1.0)
    unicode-display_width (2.2.0)

PLATFORMS
  x64-mingw-ucrt
  x86_64-linux

DEPENDENCIES
  grammar
  lefthook
  pry-byebug
  rails_best_practices
  rbs
  rouge
  rspec (~> 3.9)
  rubocop
  sorbet-static-and-runtime
  steep
  typeprof

BUNDLED WITH
   2.3.14
